GEM
  remote: https://rubygems.org/
  specs:
    bubble-wrap (1.1.5)
    geomotion (0.10.0)

PLATFORMS
  ruby

DEPENDENCIES
  bubble-wrap
  geomotion
