GEM
  remote: https://rubygems.org/
  specs:
    bubble-wrap (1.3.0)
    geomotion (0.12.1)
    motion-layout (0.0.1)

PLATFORMS
  ruby

DEPENDENCIES
  bubble-wrap
  geomotion
  motion-layout
